GEM
  remote: https://rubygems.org/
  specs:
    nio4r (2.5.8)
    puma (4.3.11)
      nio4r (~> 2.0)
    rack (2.2.2)
    rake (13.0.1)
    sequel (5.32.0)
    slim (4.0.1)
      temple (>= 0.7.6, < 0.9)
      tilt (>= 2.0.6, < 2.1)
    sqlite3 (1.4.2)
    temple (0.8.2)
    tilt (2.0.10)

PLATFORMS
  ruby

DEPENDENCIES
  puma
  rack
  rake
  sequel
  slim
  sqlite3

RUBY VERSION
   ruby 2.6.5p114

BUNDLED WITH
   2.1.2
